GEM
  remote: https://rubygems.org/
  specs:
    activesupport (7.1.3.4)
      base64
      bigdecimal
      concurrent-ruby (~> 1.0, >= 1.0.2)
      connection_pool (>= 2.2.5)
      drb
      i18n (>= 1.6, < 2)
      minitest (>= 5.1)
      mutex_m
      tzinfo (~> 2.0)
    addressable (2.8.6)
      public_suffix (>= 2.0.2, < 6.0)
    atlassian-jwt (0.2.1)
      jwt (~> 2.1)
    aws-eventstream (1.3.0)
    aws-partitions (1.956.0)
    aws-sdk-cloudformation (1.97.0)
      aws-sdk-core (~> 3, >= 3.188.0)
      aws-sigv4 (~> 1.1)
    aws-sdk-codepipeline (1.67.0)
      aws-sdk-core (~> 3, >= 3.188.0)
      aws-sigv4 (~> 1.1)
    aws-sdk-core (3.201.1)
      aws-eventstream (~> 1, >= 1.3.0)
      aws-partitions (~> 1, >= 1.651.0)
      aws-sigv4 (~> 1.8)
      jmespath (~> 1, >= 1.6.1)
    aws-sdk-ecr (1.68.0)
      aws-sdk-core (~> 3, >= 3.188.0)
      aws-sigv4 (~> 1.1)
    aws-sdk-elasticache (1.95.0)
      aws-sdk-core (~> 3, >= 3.188.0)
      aws-sigv4 (~> 1.1)
    aws-sdk-kms (1.88.0)
      aws-sdk-core (~> 3, >= 3.201.0)
      aws-sigv4 (~> 1.5)
    aws-sdk-lambda (1.113.0)
      aws-sdk-core (~> 3, >= 3.188.0)
      aws-sigv4 (~> 1.1)
    aws-sdk-opensearchservice (1.33.0)
      aws-sdk-core (~> 3, >= 3.188.0)
      aws-sigv4 (~> 1.1)
    aws-sdk-rds (1.208.0)
      aws-sdk-core (~> 3, >= 3.188.0)
      aws-sigv4 (~> 1.1)
    aws-sdk-route53 (1.87.0)
      aws-sdk-core (~> 3, >= 3.191.0)
      aws-sigv4 (~> 1.1)
    aws-sdk-s3 (1.141.0)
      aws-sdk-core (~> 3, >= 3.189.0)
      aws-sdk-kms (~> 1)
      aws-sigv4 (~> 1.8)
    aws-sdk-ssm (1.162.0)
      aws-sdk-core (~> 3, >= 3.188.0)
      aws-sigv4 (~> 1.1)
    aws-sdk-sts (1.11.0)
      aws-sdk-core (~> 3, >= 3.110.0)
      aws-sigv4 (~> 1.1)
    aws-sigv4 (1.8.0)
      aws-eventstream (~> 1, >= 1.0.2)
    base64 (0.2.0)
    bigdecimal (3.1.8)
    colorize (1.1.0)
    concurrent-ruby (1.3.3)
    connection_pool (2.4.1)
    docker-api (2.2.0)
      excon (>= 0.47.0)
      multi_json
    dotenv (2.8.1)
    drb (2.2.1)
    excon (0.110.0)
    faraday (2.10.0)
      faraday-net_http (>= 2.0, < 3.2)
      logger
    faraday-mashify (0.1.1)
      faraday (~> 2.0)
      hashie
    faraday-multipart (1.0.4)
      multipart-post (~> 2)
    faraday-net_http (3.1.0)
      net-http
    faraday-retry (2.2.1)
      faraday (~> 2.0)
    firespring_dev_commands (2.2.6)
      activesupport (~> 7.1.2)
      aws-sdk-cloudformation (~> 1.97.0)
      aws-sdk-codepipeline (~> 1.67.0)
      aws-sdk-ecr (~> 1.68.0)
      aws-sdk-elasticache (~> 1.95.0)
      aws-sdk-lambda (~> 1.113.0)
      aws-sdk-opensearchservice (~> 1.33.0)
      aws-sdk-rds (~> 1.208.0)
      aws-sdk-route53 (~> 1.87.0)
      aws-sdk-s3 (~> 1.141.0)
      aws-sdk-ssm (~> 1.162.0)
      aws-sdk-sts (~> 1.11.0)
      colorize (~> 1.1.0)
      docker-api (~> 2.2.0)
      dotenv (~> 2.8.1)
      excon (= 0.110.0)
      faraday-retry (~> 2.0)
      git (~> 1.18.0)
      inifile (~> 3.0.0)
      jira-ruby (~> 2.3.0)
      octokit (~> 8.1)
      ox (~> 2.14.17)
      public_suffix (= 5.0.4)
      rake (~> 13.1.0)
      slack-ruby-client (~> 2.2.0)
    git (1.18.0)
      addressable (~> 2.8)
      rchardet (~> 1.8)
    gli (2.21.3)
    hashie (5.0.0)
    i18n (1.14.5)
      concurrent-ruby (~> 1.0)
    inifile (3.0.0)
    jira-ruby (2.3.0)
      activesupport
      atlassian-jwt
      multipart-post
      oauth (~> 0.5, >= 0.5.0)
    jmespath (1.6.2)
    jwt (2.8.2)
      base64
    launchy (2.5.2)
      addressable (~> 2.8)
    logger (1.6.0)
    minitest (5.24.1)
    multi_json (1.15.0)
    multipart-post (2.4.1)
    mutex_m (0.2.0)
    net-http (0.4.1)
      uri
    oauth (0.6.2)
      snaky_hash (~> 2.0)
      version_gem (~> 1.1)
    octokit (8.1.0)
      base64
      faraday (>= 1, < 3)
      sawyer (~> 0.9)
    ox (2.14.18)
    public_suffix (5.0.4)
    rake (13.1.0)
    rchardet (1.8.0)
    sawyer (0.9.2)
      addressable (>= 2.3.5)
      faraday (>= 0.17.3, < 3)
    slack-ruby-client (2.2.0)
      faraday (>= 2.0)
      faraday-mashify
      faraday-multipart
      gli
      hashie
    snaky_hash (2.0.1)
      hashie
      version_gem (~> 1.1, >= 1.1.1)
    tzinfo (2.0.6)
      concurrent-ruby (~> 1.0)
    uri (0.13.0)
    version_gem (1.1.4)

PLATFORMS
  arm64-darwin-21
  x86_64-darwin-20
  x86_64-darwin-21
  x86_64-darwin-22
  x86_64-linux

DEPENDENCIES
  firespring_dev_commands (= 2.2.6)
  launchy
  rake

BUNDLED WITH
   2.3.25
