GEM
  remote: https://rubygems.org/
  specs:
    activesupport (7.0.7)
      concurrent-ruby (~> 1.0, >= 1.0.2)
      i18n (>= 1.6, < 2)
      minitest (>= 5.1)
      tzinfo (~> 2.0)
    addressable (2.8.5)
      public_suffix (>= 2.0.2, < 6.0)
    atlassian-jwt (0.2.1)
      jwt (~> 2.1)
    aws-eventstream (1.2.0)
    aws-partitions (1.806.0)
    aws-sdk-cloudformation (1.83.0)
      aws-sdk-core (~> 3, >= 3.176.0)
      aws-sigv4 (~> 1.1)
    aws-sdk-codepipeline (1.59.0)
      aws-sdk-core (~> 3, >= 3.176.0)
      aws-sigv4 (~> 1.1)
    aws-sdk-core (3.180.3)
      aws-eventstream (~> 1, >= 1.0.2)
      aws-partitions (~> 1, >= 1.651.0)
      aws-sigv4 (~> 1.5)
      jmespath (~> 1, >= 1.6.1)
    aws-sdk-ecr (1.61.0)
      aws-sdk-core (~> 3, >= 3.176.0)
      aws-sigv4 (~> 1.1)
    aws-sdk-kms (1.71.0)
      aws-sdk-core (~> 3, >= 3.177.0)
      aws-sigv4 (~> 1.1)
    aws-sdk-s3 (1.127.0)
      aws-sdk-core (~> 3, >= 3.176.0)
      aws-sdk-kms (~> 1)
      aws-sigv4 (~> 1.6)
    aws-sdk-ssm (1.154.0)
      aws-sdk-core (~> 3, >= 3.176.0)
      aws-sigv4 (~> 1.1)
    aws-sdk-sts (1.10.0)
      aws-sdk-core (~> 3, >= 3.110.0)
      aws-sigv4 (~> 1.1)
    aws-sigv4 (1.6.0)
      aws-eventstream (~> 1, >= 1.0.2)
    colorize (1.1.0)
    concurrent-ruby (1.2.2)
    docker-api (2.2.0)
      excon (>= 0.47.0)
      multi_json
    dotenv (2.8.1)
    excon (0.100.0)
    faraday (2.7.10)
      faraday-net_http (>= 2.0, < 3.1)
      ruby2_keywords (>= 0.0.4)
    faraday-mashify (0.1.1)
      faraday (~> 2.0)
      hashie
    faraday-multipart (1.0.4)
      multipart-post (~> 2)
    faraday-net_http (3.0.2)
    firespring_dev_commands (2.1.0)
      activesupport (~> 7.0.6)
      aws-sdk-cloudformation (~> 1.83.0)
      aws-sdk-codepipeline (~> 1.59.0)
      aws-sdk-ecr (~> 1.61.0)
      aws-sdk-s3 (~> 1.127.0)
      aws-sdk-ssm (~> 1.154.0)
      aws-sdk-sts (~> 1.10.0)
      colorize (~> 1.1.0)
      docker-api (~> 2.2.0)
      dotenv (~> 2.8.1)
      git (~> 1.18.0)
      inifile (~> 3.0.0)
      jira-ruby (~> 2.3.0)
      libxml-ruby (= 4.1.1)
      public_suffix (= 5.0.1)
      rake (~> 13.0.6)
      slack-ruby-client (~> 2.1.0)
    git (1.18.0)
      addressable (~> 2.8)
      rchardet (~> 1.8)
    gli (2.21.1)
    hashie (5.0.0)
    i18n (1.14.1)
      concurrent-ruby (~> 1.0)
    inifile (3.0.0)
    jira-ruby (2.3.0)
      activesupport
      atlassian-jwt
      multipart-post
      oauth (~> 0.5, >= 0.5.0)
    jmespath (1.6.2)
    jwt (2.7.1)
    launchy (2.5.2)
      addressable (~> 2.8)
    libxml-ruby (4.1.1)
    minitest (5.19.0)
    multi_json (1.15.0)
    multipart-post (2.3.0)
    oauth (0.6.2)
      snaky_hash (~> 2.0)
      version_gem (~> 1.1)
    public_suffix (5.0.1)
    rake (13.0.6)
    rchardet (1.8.0)
    ruby2_keywords (0.0.5)
    slack-ruby-client (2.1.0)
      faraday (>= 2.0)
      faraday-mashify
      faraday-multipart
      gli
      hashie
    snaky_hash (2.0.1)
      hashie
      version_gem (~> 1.1, >= 1.1.1)
    tzinfo (2.0.6)
      concurrent-ruby (~> 1.0)
    version_gem (1.1.3)

PLATFORMS
  arm64-darwin-21
  x86_64-darwin-20
  x86_64-darwin-21
  x86_64-darwin-22
  x86_64-linux

DEPENDENCIES
  firespring_dev_commands (= 2.1.0)
  launchy
  rake

BUNDLED WITH
   2.3.25
