GEM
  remote: https://rubygems.org/
  specs:
    activesupport (7.0.4.3)
      concurrent-ruby (~> 1.0, >= 1.0.2)
      i18n (>= 1.6, < 2)
      minitest (>= 5.1)
      tzinfo (~> 2.0)
    addressable (2.8.4)
      public_suffix (>= 2.0.2, < 6.0)
    atlassian-jwt (0.2.1)
      jwt (~> 2.1)
    aws-eventstream (1.2.0)
    aws-partitions (1.758.0)
    aws-sdk-cloudformation (1.73.0)
      aws-sdk-core (~> 3, >= 3.165.0)
      aws-sigv4 (~> 1.1)
    aws-sdk-codepipeline (1.54.0)
      aws-sdk-core (~> 3, >= 3.165.0)
      aws-sigv4 (~> 1.1)
    aws-sdk-core (3.171.0)
      aws-eventstream (~> 1, >= 1.0.2)
      aws-partitions (~> 1, >= 1.651.0)
      aws-sigv4 (~> 1.5)
      jmespath (~> 1, >= 1.6.1)
    aws-sdk-ecr (1.56.0)
      aws-sdk-core (~> 3, >= 3.127.0)
      aws-sigv4 (~> 1.1)
    aws-sdk-kms (1.64.0)
      aws-sdk-core (~> 3, >= 3.165.0)
      aws-sigv4 (~> 1.1)
    aws-sdk-s3 (1.117.2)
      aws-sdk-core (~> 3, >= 3.165.0)
      aws-sdk-kms (~> 1)
      aws-sigv4 (~> 1.4)
    aws-sdk-ssm (1.141.0)
      aws-sdk-core (~> 3, >= 3.127.0)
      aws-sigv4 (~> 1.1)
    aws-sdk-sts (1.7.0)
      aws-sdk-core (~> 3, >= 3.110.0)
      aws-sigv4 (~> 1.1)
    aws-sigv4 (1.5.2)
      aws-eventstream (~> 1, >= 1.0.2)
    colorize (0.8.1)
    concurrent-ruby (1.2.2)
    docker-api (2.2.0)
      excon (>= 0.47.0)
      multi_json
    dotenv (2.8.1)
    excon (0.99.0)
    firespring_dev_commands (1.4.0.pre.alpha.3)
      activesupport (~> 7.0.4.0)
      aws-sdk-cloudformation (~> 1.73.0)
      aws-sdk-codepipeline (~> 1.54.0)
      aws-sdk-ecr (~> 1.56.0)
      aws-sdk-s3 (~> 1.117.0)
      aws-sdk-ssm (~> 1.141.0)
      aws-sdk-sts (~> 1.7.0)
      colorize (~> 0.8.0)
      docker-api (~> 2.2.0)
      dotenv (~> 2.8.0)
      git (~> 1.13.1)
      inifile (~> 3.0.0)
      jira-ruby (~> 2.3.0)
      libxml-ruby (= 3.2.1)
      public_suffix (= 5.0.0)
      rake (~> 13.0.0)
    git (1.13.2)
      addressable (~> 2.8)
      rchardet (~> 1.8)
    hashie (5.0.0)
    i18n (1.13.0)
      concurrent-ruby (~> 1.0)
    inifile (3.0.0)
    jira-ruby (2.3.0)
      activesupport
      atlassian-jwt
      multipart-post
      oauth (~> 0.5, >= 0.5.0)
    jmespath (1.6.2)
    jwt (2.7.0)
    launchy (2.5.2)
      addressable (~> 2.8)
    libxml-ruby (3.2.1)
    minitest (5.18.0)
    multi_json (1.15.0)
    multipart-post (2.3.0)
    oauth (0.6.2)
      snaky_hash (~> 2.0)
      version_gem (~> 1.1)
    public_suffix (5.0.0)
    rake (13.0.6)
    rchardet (1.8.0)
    snaky_hash (2.0.1)
      hashie
      version_gem (~> 1.1, >= 1.1.1)
    tzinfo (2.0.6)
      concurrent-ruby (~> 1.0)
    version_gem (1.1.2)

PLATFORMS
  arm64-darwin-21
  x86_64-darwin-21
  x86_64-darwin-22
  x86_64-linux

DEPENDENCIES
  firespring_dev_commands (= 1.4.0.pre.alpha.3)
  launchy
  rake

BUNDLED WITH
   2.3.14
